PATH
  remote: .
  specs:
    ipa (0.2.0)
      CFPropertyList (~> 2.3)
      rubyzip (~> 1.1)
      zip-zip (~> 0.3)

GEM
  remote: https://rubygems.org/
  specs:
    CFPropertyList (2.3.1)
    rake (10.4.2)
    rubyzip (1.1.7)
    zip-zip (0.3)
      rubyzip (>= 1.0.0)

PLATFORMS
  ruby

DEPENDENCIES
  bundler (~> 1)
  ipa!
  rake

BUNDLED WITH
   1.10.6
